GEM
  remote: https://rubygems.org/
  specs:
    addressable (2.7.0)
      public_suffix (>= 2.0.2, < 5.0)
    backports (3.15.0)
    faraday (0.17.0)
      multipart-post (>= 1.2, < 3)
    google-cloud-core (1.3.2)
      google-cloud-env (~> 1.0)
    google-cloud-datastore (1.6.0)
      google-cloud-core (~> 1.2)
      google-gax (~> 1.7)
      google-protobuf (~> 3.3)
    google-cloud-env (1.2.1)
      faraday (~> 0.11)
    google-gax (1.7.1)
      google-protobuf (~> 3.2)
      googleapis-common-protos (>= 1.3.5, < 2.0)
      googleauth (>= 0.6.2, < 0.10.0)
      grpc (>= 1.7.2, < 2.0)
      rly (~> 0.2.3)
    google-protobuf (3.10.1)
    googleapis-common-protos (1.3.9)
      google-protobuf (~> 3.0)
      googleapis-common-protos-types (~> 1.0)
      grpc (~> 1.0)
    googleapis-common-protos-types (1.0.4)
      google-protobuf (~> 3.0)
    googleauth (0.9.0)
      faraday (~> 0.12)
      jwt (>= 1.4, < 3.0)
      memoist (~> 0.16)
      multi_json (~> 1.11)
      os (>= 0.9, < 2.0)
      signet (~> 0.7)
    grpc (1.25.0)
      google-protobuf (~> 3.8)
      googleapis-common-protos-types (~> 1.0)
    icalendar (2.5.3)
      ice_cube (~> 0.16)
    ice_cube (0.16.3)
    jwt (2.2.1)
    memoist (0.16.1)
    mini_portile2 (2.8.0)
    multi_json (1.14.1)
    multipart-post (2.1.1)
    mustermann (1.0.3)
    nokogiri (1.13.6)
      mini_portile2 (~> 2.8.0)
      racc (~> 1.4)
    os (1.0.1)
    public_suffix (4.0.1)
    racc (1.6.0)
    rack (2.2.3)
    rack-protection (2.0.7)
      rack
    rly (0.2.3)
    signet (0.11.0)
      addressable (~> 2.3)
      faraday (~> 0.9)
      jwt (>= 1.5, < 3.0)
      multi_json (~> 1.10)
    sinatra (2.0.7)
      mustermann (~> 1.0)
      rack (~> 2.0)
      rack-protection (= 2.0.7)
      tilt (~> 2.0)
    sinatra-contrib (2.0.7)
      backports (>= 2.8.2)
      multi_json
      mustermann (~> 1.0)
      rack-protection (= 2.0.7)
      sinatra (= 2.0.7)
      tilt (~> 2.0)
    tilt (2.0.10)

PLATFORMS
  ruby

DEPENDENCIES
  google-cloud-datastore
  icalendar
  nokogiri
  sinatra
  sinatra-contrib

BUNDLED WITH
   2.0.2
